PATH
  remote: .
  specs:
    fitreader (0.3.3)

GEM
  remote: https://rubygems.org/
  specs:
    diff-lcs (1.3)
    minitest (5.25.5)
    rake (13.3.0)
    rspec (3.13.1)
      rspec-core (~> 3.13.0)
      rspec-expectations (~> 3.13.0)
      rspec-mocks (~> 3.13.0)
    rspec-core (3.13.5)
      rspec-support (~> 3.13.0)
    rspec-expectations (3.13.5)
      diff-lcs (>= 1.2.0, < 2.0)
      rspec-support (~> 3.13.0)
    rspec-mocks (3.13.5)
      diff-lcs (>= 1.2.0, < 2.0)
      rspec-support (~> 3.13.0)
    rspec-support (3.13.4)

PLATFORMS
  ruby

DEPENDENCIES
  bundler (~> 2.6)
  fitreader!
  minitest (~> 5.25)
  rake (~> 13.3)
  rspec (~> 3.13)

BUNDLED WITH
   2.6.9
